GEM
  remote: https://rubygems.org/
  specs:
    ansi (1.5.0)
    builder (3.2.4)
    byebug (11.1.1)
    cli-kit (3.3.0)
      cli-ui (>= 1.1.4)
    cli-ui (1.3.0)
    concurrent-ruby (1.1.5)
    i18n (1.8.2)
      concurrent-ruby (~> 1.0)
    metaclass (0.0.4)
    minitest (5.14.0)
    minitest-reporters (1.4.2)
      ansi
      builder
      minitest (>= 5.0)
      ruby-progressbar
    mocha (1.5.0)
      metaclass (~> 0.0.1)
    ruby-progressbar (1.10.1)

PLATFORMS
  ruby

DEPENDENCIES
  byebug
  cli-kit (~> 3.3.0)
  cli-ui (~> 1.3.0)
  i18n
  minitest (>= 5.0.0)
  minitest-reporters
  mocha (~> 1.5.0)

BUNDLED WITH
   2.1.4
